GEM
  remote: https://rubygems.org/
  specs:
    bond (0.5.1)
    iruby (0.2.7)
      bond (~> 0.5)
      mimemagic (~> 0.3)
      multi_json (~> 1.11)
      rbczmq (~> 1.7)
    jenkins_api_client (1.4.1)
      json
      mixlib-shellout (>= 1.1.0)
      nokogiri (~> 1.6.0)
      terminal-table (>= 1.4.0)
      thor (>= 0.16.0)
    json (1.8.3)
    mimemagic (0.3.0)
    mini_portile (0.6.2)
    mixlib-shellout (2.2.1)
    multi_json (1.11.2)
    nokogiri (1.6.6.2)
      mini_portile (~> 0.6.0)
    rbczmq (1.7.9)
    terminal-table (1.5.2)
    thor (0.19.1)

PLATFORMS
  ruby

DEPENDENCIES
  iruby (~> 0.2.7)
  jenkins_api_client (~> 1.4, >= 1.4.1)

BUNDLED WITH
   1.10.6
